RESTRICTION: == net45
NUGET
  remote: https://www.nuget.org/api/v2
    Dotnet.ProjInfo (0.7.4)
      FSharp.Core (>= 4.0.0.1)
    FAKE (4.61.3)
    FParsec (1.0.2)
    FSharp.Compiler.Service (11.0.9)
      System.Collections.Immutable (>= 1.2)
      System.Reflection.Metadata (>= 1.4.1-beta-24227-04)
    FSharp.Compiler.Service.ProjectCracker (11.0.9)
    FSharp.Compiler.Tools (4.1.23)
    FSharp.Core (4.0.0.1) - redirects: on
    FSharpLint.Core (0.7.4-beta)
      FParsec (>= 1.0.2)
      FSharp.Compiler.Service (>= 11.0.4)
      FSharp.Compiler.Service.ProjectCracker (>= 11.0.4)
    Microsoft.NETCore.Platforms (1.1)
    Mono.Cecil (0.9.6.4)
    NDesk.Options (0.2.1)
    NETStandard.Library (1.6.1)
      Microsoft.NETCore.Platforms (>= 1.1)
      System.Collections (>= 4.3)
      System.Collections.Concurrent (>= 4.3)
      System.Diagnostics.Debug (>= 4.3)
      System.Diagnostics.Tools (>= 4.3)
      System.Diagnostics.Tracing (>= 4.3)
      System.Globalization (>= 4.3)
      System.IO (>= 4.3)
      System.IO.Compression (>= 4.3)
      System.Linq (>= 4.3)
      System.Linq.Expressions (>= 4.3)
      System.Net.Http (>= 4.3)
      System.Net.Primitives (>= 4.3)
      System.ObjectModel (>= 4.3)
      System.Reflection (>= 4.3)
      System.Reflection.Extensions (>= 4.3)
      System.Reflection.Primitives (>= 4.3)
      System.Resources.ResourceManager (>= 4.3)
      System.Runtime (>= 4.3)
      System.Runtime.Extensions (>= 4.3)
      System.Runtime.InteropServices (>= 4.3)
      System.Runtime.InteropServices.RuntimeInformation (>= 4.3)
      System.Runtime.Numerics (>= 4.3)
      System.Text.Encoding (>= 4.3)
      System.Text.Encoding.Extensions (>= 4.3)
      System.Text.RegularExpressions (>= 4.3)
      System.Threading (>= 4.3)
      System.Threading.Tasks (>= 4.3)
      System.Xml.ReaderWriter (>= 4.3)
      System.Xml.XDocument (>= 4.3)
    Newtonsoft.Json (10.0.2)
    NUnit (3.7.1)
    NUnit.ConsoleRunner (3.6.1)
    NUnit.Extension.NUnitProjectLoader (3.5)
    NUnit.Extension.NUnitV2Driver (3.6)
    NUnit.Extension.NUnitV2ResultWriter (3.5)
    NUnit.Extension.TeamCityEventListener (1.0.2)
    NUnit.Extension.VSProjectLoader (3.5)
    NUnit.Runners (3.6.1)
      NUnit.ConsoleRunner (>= 3.6.1)
      NUnit.Extension.NUnitProjectLoader (>= 3.5)
      NUnit.Extension.NUnitV2Driver (>= 3.6)
      NUnit.Extension.NUnitV2ResultWriter (>= 3.5)
      NUnit.Extension.TeamCityEventListener (>= 1.0.2)
      NUnit.Extension.VSProjectLoader (>= 3.5)
    Octokit (0.24)
    Suave (1.1.3)
      FSharp.Core (>= 3.1.2.5)
    System.Collections (4.3)
    System.Collections.Concurrent (4.3)
    System.Collections.Immutable (1.4.0-preview1-25305-02)
      NETStandard.Library (>= 1.6.1)
    System.Diagnostics.Debug (4.3)
    System.Diagnostics.Tools (4.3)
    System.Diagnostics.Tracing (4.3)
    System.Globalization (4.3)
    System.IO (4.3)
    System.IO.Compression (4.3)
    System.Linq (4.3)
    System.Linq.Expressions (4.3)
    System.Net.Http (4.3.2)
    System.Net.Primitives (4.3)
    System.ObjectModel (4.3)
    System.Reflection (4.3)
    System.Reflection.Extensions (4.3)
    System.Reflection.Metadata (1.5.0-preview1-25305-02)
      NETStandard.Library (>= 1.6.1)
      System.Collections.Immutable (>= 1.4.0-preview1-25305-02)
    System.Reflection.Primitives (4.3)
    System.Resources.ResourceManager (4.3)
    System.Runtime (4.3)
    System.Runtime.Extensions (4.3)
    System.Runtime.InteropServices (4.3)
    System.Runtime.InteropServices.RuntimeInformation (4.3)
    System.Runtime.Numerics (4.3)
    System.Text.Encoding (4.3)
    System.Text.Encoding.Extensions (4.3)
    System.Text.RegularExpressions (4.3)
    System.Threading (4.3)
    System.Threading.Tasks (4.3)
    System.Xml.ReaderWriter (4.3)
    System.Xml.XDocument (4.3)
GITHUB
  remote: fsharp/FAKE
    modules/Octokit/Octokit.fsx (9b496581e49c116cff9911570df871eb0258ac83)
      Octokit (>= 0.20)