NUGET
  remote: https://nuget.org/api/v2
  specs:
    FAKE (4.10.3)
    Fantomas (2.0.2)
      FSharp.Compiler.Service (>= 1.4.0.6)
    FSharp.Compiler.Service (2.0.0-beta)
    FSharp.Compiler.Service.ProjectCracker (2.0.0-beta) - framework: >= net45
    FSharp.Core (3.1.2.5)
    FSharpLint.Core (0.0.13)
      FSharp.Compiler.Service (>= 1.4.2.1)
    Microsoft.Bcl (1.1.10)
      Microsoft.Bcl.Build (>= 1.0.14)
    Microsoft.Bcl.Build (1.0.21) - import_targets: false
    Microsoft.Net.Http (2.2.29)
      Microsoft.Bcl (>= 1.1.10)
      Microsoft.Bcl.Build (>= 1.0.14)
    Mono.Cecil (0.9.6.1)
    NDesk.Options (0.2.1)
    Newtonsoft.Json (7.0.1)
    NUnit (2.6.4)
    NUnit.Runners (2.6.4)
    Octokit (0.16.0)
      Microsoft.Net.Http
    Suave (0.33.0)
      FSharp.Core (>= 3.1.2.5)
