REDIRECTS: ON
FRAMEWORK: >= NET45
NUGET
  remote: https://www.nuget.org/api/v2
    FAKE (4.37.2)
    FParsec (1.0.2)
    FSharp.Compiler.Service (6.0.2)
      System.Collections.Immutable (>= 1.2)
      System.Reflection.Metadata (>= 1.4.1-beta-24227-04)
    FSharp.Compiler.Service.ProjectCracker (6.0.2)
    FSharp.Core (4.0.0.1)
    FSharpLint.Core (0.4.4)
      FParsec (>= 1.0.2)
      FSharp.Compiler.Service (>= 6.0)
      FSharp.Compiler.Service.ProjectCracker (>= 6.0)
    Mono.Cecil (0.9.6.4)
    NDesk.Options (0.2.1)
    Newtonsoft.Json (9.0.1)
    NUnit (3.4.1)
    NUnit.ConsoleRunner (3.4.1)
    NUnit.Extension.NUnitProjectLoader (3.4.1)
    NUnit.Extension.NUnitV2Driver (3.4.1)
    NUnit.Extension.NUnitV2ResultWriter (3.4.1)
    NUnit.Extension.TeamCityEventListener (1.0.1)
    NUnit.Extension.VSProjectLoader (3.4.1)
    NUnit.Runners (3.4.1)
      NUnit.ConsoleRunner (>= 3.4.1)
      NUnit.Extension.NUnitProjectLoader (>= 3.4.1)
      NUnit.Extension.NUnitV2Driver (>= 3.4.1)
      NUnit.Extension.NUnitV2ResultWriter (>= 3.4.1)
      NUnit.Extension.TeamCityEventListener (>= 1.0.1)
      NUnit.Extension.VSProjectLoader (>= 3.4.1)
    Octokit (0.21.1)
    Suave (1.1.3)
      FSharp.Core (>= 3.1.2.5)
    System.Collections.Immutable (1.2)
    System.Reflection.Metadata (1.4.1-beta-24227-04)
      System.Collections.Immutable (>= 1.2)
GITHUB
  remote: fsharp/FAKE
    modules/Octokit/Octokit.fsx (7faaaf53e4a8fbe04a4d2b4c1bfc5d09bd82eed6)
      Octokit